GEM
  remote: https://gems.ruby-china.org/
  specs:
    rack (2.0.4)
    rulers (0.1.0)
      rack (~> 2.0, >= 2.0.4)

PLATFORMS
  ruby

DEPENDENCIES
  rulers (~> 0.1.0)

RUBY VERSION
   ruby 2.4.1p111

BUNDLED WITH
   1.16.1
