PATH
  remote: ../rulers
  specs:
    rulers (0.2.0)
      erubis
      multi_json
      rack (~> 2.0, >= 2.0.4)
      sqlite3

GEM
  remote: https://gems.ruby-china.org/
  specs:
    erubis (2.7.0)
    multi_json (1.13.1)
    rack (2.0.4)
    sqlite3 (1.3.13)

PLATFORMS
  ruby

DEPENDENCIES
  rulers!

RUBY VERSION
   ruby 2.4.1p111

BUNDLED WITH
   1.16.1
